GEM
  remote: http://rubygems.org/
  specs:
    diff-lcs (1.3)
    nyan-cat-formatter (0.12.0)
      rspec (>= 2.99, >= 2.14.2, < 4)
    rspec (3.5.0)
      rspec-core (~> 3.5.0)
      rspec-expectations (~> 3.5.0)
      rspec-mocks (~> 3.5.0)
    rspec-core (3.5.4)
      rspec-support (~> 3.5.0)
    rspec-expectations (3.5.0)
      diff-lcs (>= 1.2.0, < 2.0)
      rspec-support (~> 3.5.0)
    rspec-mocks (3.5.0)
      diff-lcs (>= 1.2.0, < 2.0)
      rspec-support (~> 3.5.0)
    rspec-support (3.5.0)

PLATFORMS
  ruby

DEPENDENCIES
  nyan-cat-formatter
  rspec (= 3.5.0)

BUNDLED WITH
   2.0.1
